GIT
  remote: git://github.com/tyage/itamae-plugin-recipe-letsencrypt.git
  revision: 0e28e0b3ed91b66a53483c9553b79f66ed35628e
  specs:
    itamae-plugin-recipe-letsencrypt (0.2.1)

GEM
  remote: https://rubygems.org/
  specs:
    ansi (1.5.0)
    bcrypt_pbkdf (1.0.0)
    ffi (1.9.18)
    hashie (3.5.6)
    highline (1.7.8)
    itamae (1.9.11)
      ansi
      hashie
      schash (~> 0.1.0)
      specinfra (>= 2.64.0, < 3.0.0)
      thor
    itamae-plugin-recipe-docker (0.2.2)
      itamae (>= 1.6)
    itamae-secrets (0.2.3)
      thor
    net-scp (1.2.1)
      net-ssh (>= 2.6.5)
    net-ssh (4.1.0)
    net-telnet (0.1.1)
    rake (12.0.0)
    rbnacl (4.0.2)
      ffi
    rbnacl-libsodium (1.0.11)
      rbnacl (>= 3.0.1)
    schash (0.1.2)
    sfl (2.3)
    specinfra (2.69.0)
      net-scp
      net-ssh (>= 2.7, < 5.0)
      net-telnet
      sfl
    thor (0.19.4)

PLATFORMS
  ruby

DEPENDENCIES
  bcrypt_pbkdf
  highline
  itamae
  itamae-plugin-recipe-docker
  itamae-plugin-recipe-letsencrypt!
  itamae-secrets
  rake
  rbnacl (>= 3.2, < 5.0)
  rbnacl-libsodium

BUNDLED WITH
   1.15.3
