GIT
  remote: git://github.com/tyage/itamae-plugin-recipe-letsencrypt.git
  revision: 70ffacca80dd0dd820ebfa96c4f6a4369c82c391
  specs:
    itamae-plugin-recipe-letsencrypt (0.2.1)

GEM
  remote: https://rubygems.org/
  specs:
    ansi (1.5.0)
    hashie (3.5.5)
    highline (1.7.8)
    itamae (1.9.11)
      ansi
      hashie
      schash (~> 0.1.0)
      specinfra (>= 2.64.0, < 3.0.0)
      thor
    itamae-plugin-recipe-docker (0.2.2)
      itamae (>= 1.6)
    itamae-secrets (0.2.3)
      thor
    net-scp (1.2.1)
      net-ssh (>= 2.6.5)
    net-ssh (4.1.0)
    net-telnet (0.1.1)
    rake (12.0.0)
    schash (0.1.2)
    sfl (2.3)
    specinfra (2.67.8)
      net-scp
      net-ssh (>= 2.7, < 5.0)
      net-telnet
      sfl
    thor (0.19.4)

PLATFORMS
  ruby

DEPENDENCIES
  highline
  itamae
  itamae-plugin-recipe-docker
  itamae-plugin-recipe-letsencrypt!
  itamae-secrets
  rake

BUNDLED WITH
   1.14.6
