GIT
  remote: https://github.com/tyage/itamae-plugin-recipe-letsencrypt.git
  revision: 0e28e0b3ed91b66a53483c9553b79f66ed35628e
  specs:
    itamae-plugin-recipe-letsencrypt (0.2.1)

GEM
  remote: https://rubygems.org/
  specs:
    ansi (1.5.0)
    bcrypt_pbkdf (1.1.0)
    ed25519 (1.2.4)
    hashie (5.0.0)
    highline (2.0.3)
    itamae (1.12.4)
      ansi
      hashie
      schash (~> 0.1.0)
      specinfra (>= 2.64.0, < 3.0.0)
      thor
    itamae-plugin-recipe-docker (0.2.3)
      itamae (>= 1.6)
    itamae-plugin-resource-remote_template_directory (0.1.0)
      itamae
    itamae-secrets (0.2.3)
      thor
    net-scp (3.0.0)
      net-ssh (>= 2.6.5, < 7.0.0)
    net-ssh (6.1.0)
    net-telnet (0.1.1)
    rake (13.0.6)
    schash (0.1.2)
    sfl (2.3)
    sha0 (0.1.0)
    specinfra (2.83.1)
      net-scp
      net-ssh (>= 2.7)
      net-telnet (= 0.1.1)
      sfl
    thor (1.1.0)

PLATFORMS
  ruby

DEPENDENCIES
  bcrypt_pbkdf
  ed25519
  highline
  itamae
  itamae-plugin-recipe-docker
  itamae-plugin-recipe-letsencrypt!
  itamae-plugin-resource-remote_template_directory
  itamae-secrets
  rake
  sha0

BUNDLED WITH
   2.3.3
